GEM
  remote: https://rubygems.org/
  specs:
    bootstrap-sass (3.1.1.0)
      sass (~> 3.2)
    chunky_png (1.3.0)
    compass (0.12.5)
      chunky_png (~> 1.2)
      fssm (>= 0.2.7)
      sass (~> 3.2.19)
    compass_radix (3.0.3)
      bootstrap-sass (>= 3.0.3.0)
      compass (>= 0.12.2)
    fssm (0.2.10)
    sass (3.2.19)

PLATFORMS
  ruby

DEPENDENCIES
  bootstrap-sass (>= 3.0.3.0)
  compass (>= 0.12.2)
  compass_radix (>= 3.0.1)
